PATH
  remote: .
  specs:
    bd_lint (0.1.2)
      brakeman
      bundler-audit
      execjs
      pre-commit
      rubocop
      rubocop-rspec
      scss_lint
      thor

GEM
  remote: https://rubygems.org/
  specs:
    ast (2.3.0)
    brakeman (4.0.1)
    bundler-audit (0.6.0)
      bundler (~> 1.2)
      thor (~> 0.18)
    coderay (1.1.2)
    diff-lcs (1.3)
    execjs (2.7.0)
    ffi (1.9.18)
    method_source (0.9.0)
    parallel (1.12.0)
    parser (2.4.0.2)
      ast (~> 2.3)
    pluginator (1.5.0)
    powerpack (0.1.1)
    pre-commit (0.37.0)
      pluginator (~> 1.5)
    pry (0.11.3)
      coderay (~> 1.1.0)
      method_source (~> 0.9.0)
    rainbow (2.2.2)
      rake
    rake (12.3.0)
    rb-fsevent (0.10.2)
    rb-inotify (0.9.10)
      ffi (>= 0.5.0, < 2)
    rspec (3.7.0)
      rspec-core (~> 3.7.0)
      rspec-expectations (~> 3.7.0)
      rspec-mocks (~> 3.7.0)
    rspec-core (3.7.0)
      rspec-support (~> 3.7.0)
    rspec-expectations (3.7.0)
      diff-lcs (>= 1.2.0, < 2.0)
      rspec-support (~> 3.7.0)
    rspec-mocks (3.7.0)
      diff-lcs (>= 1.2.0, < 2.0)
      rspec-support (~> 3.7.0)
    rspec-support (3.7.0)
    rubocop (0.51.0)
      parallel (~> 1.10)
      parser (>= 2.3.3.1, < 3.0)
      powerpack (~> 0.1)
      rainbow (>= 2.2.2, < 3.0)
      ruby-progressbar (~> 1.7)
      unicode-display_width (~> 1.0, >= 1.0.1)
    rubocop-rspec (1.20.1)
      rubocop (>= 0.51.0)
    ruby-progressbar (1.9.0)
    sass (3.5.3)
      sass-listen (~> 4.0.0)
    sass-listen (4.0.0)
      rb-fsevent (~> 0.9, >= 0.9.4)
      rb-inotify (~> 0.9, >= 0.9.7)
    scss_lint (0.56.0)
      rake (>= 0.9, < 13)
      sass (~> 3.5.3)
    thor (0.20.0)
    unicode-display_width (1.3.0)

PLATFORMS
  ruby

DEPENDENCIES
  bd_lint!
  brakeman
  bundler-audit
  execjs
  pre-commit
  pry
  rake
  rspec
  rubocop
  rubocop-rspec
  scss_lint
  thor

BUNDLED WITH
   1.16.0
